GEM
  remote: http://rubygems.org/
  specs:
    coderay (1.0.9)
    colored (1.2)
    cri (2.3.0)
      colored (>= 1.2)
    ethon (0.7.0)
      ffi (>= 1.3.0)
    ffi (1.13.1)
    formatador (0.2.4)
    guard (1.8.1)
      formatador (>= 0.2.4)
      listen (>= 1.0.0)
      lumberjack (>= 1.0.2)
      pry (>= 0.9.10)
      thor (>= 0.14.6)
    guard-nanoc (1.0.1)
      guard (>= 1.8.0)
      nanoc (>= 3.6.3)
    html-proofer (0.7.1)
      colored (~> 1.2)
      mercenary (~> 0.3.2)
      nokogiri (~> 1.6.0)
      typhoeus (~> 0.6.7)
      yell (~> 2.0)
    kramdown (1.1.0)
    listen (1.2.2)
      rb-fsevent (>= 0.9.3)
      rb-inotify (>= 0.9)
      rb-kqueue (>= 0.2)
    lumberjack (1.0.4)
    mercenary (0.3.3)
    method_source (0.8.1)
    mini_portile (0.5.2)
    multi_json (1.13.1)
    nanoc (3.6.4)
      cri (~> 2.3)
    nokogiri (1.6.1)
      mini_portile (~> 0.5.0)
    pry (0.9.12.2)
      coderay (~> 1.0.5)
      method_source (~> 0.8)
      slop (~> 3.4)
    pygments.rb (1.2.1)
      multi_json (>= 1.0.0)
    rake (13.0.1)
    rb-fsevent (0.9.3)
    rb-inotify (0.9.0)
      ffi (>= 0.5.0)
    rb-kqueue (0.2.0)
      ffi (>= 0.5.0)
    slop (3.4.5)
    thor (0.18.1)
    typhoeus (0.6.8)
      ethon (>= 0.7.0)
    yell (2.0.4)

PLATFORMS
  ruby

DEPENDENCIES
  guard
  guard-nanoc
  html-proofer
  kramdown
  nanoc
  nokogiri
  pygments.rb
  rake

RUBY VERSION
   ruby 2.5.7p206

BUNDLED WITH
   2.1.4
